GEM
  remote: https://rubygems.org/
  specs:
    ffi (1.9.25)
    image_processing (1.7.1)
      mini_magick (~> 4.0)
      ruby-vips (>= 2.0.13, < 3)
    mini_magick (4.9.2)
    ruby-vips (2.0.13)
      ffi (~> 1.9)

PLATFORMS
  ruby

DEPENDENCIES
  image_processing

BUNDLED WITH
   1.16.2
